GEM
  remote: https://rubygems.org/
  specs:
    parslet (1.8.2)
    thor (0.20.0)
    vim-flavor (2.2.2)
      parslet (~> 1.7)
      thor (~> 0.19)

PLATFORMS
  ruby

DEPENDENCIES
  vim-flavor (~> 2.1)

BUNDLED WITH
   1.16.1
